GEM
  remote: https://rubygems.org/
  specs:
    httparty (0.20.0)
      mime-types (~> 3.0)
      multi_xml (>= 0.5.2)
    json (2.6.1)
    json_pure (2.6.1)
    mime-types (3.4.1)
      mime-types-data (~> 3.2015)
    mime-types-data (3.2022.0105)
    multi_xml (0.6.0)

PLATFORMS
  x86_64-darwin-19

DEPENDENCIES
  httparty
  json
  json_pure
  mime-types
  mime-types-data
  multi_xml

BUNDLED WITH
   2.2.22
